GIT
  remote: https://github.com/cloudfoundry/cf-message-bus.git
  revision: f463c0ff201abae2abaa2c6264e498d762aca0ed
  specs:
    cf-message-bus (0.3.0)
      eventmachine (~> 1.0.0)
      nats (>= 0.5.0.beta.12, < 0.6)
      vcap-concurrency
      yajl-ruby

GIT
  remote: https://github.com/cloudfoundry/cf-registrar.git
  revision: 49850ee876652a59dbd2d73dad726b3b808bb8f9
  specs:
    cf-registrar (1.0.1)
      cf-message-bus
      eventmachine (~> 1.0.0)
      steno
      vcap-concurrency

GIT
  remote: https://github.com/cloudfoundry/cf-uaa-lib.git
  revision: b1e11235dc6cd7d8d4680e005526de37201305ea
  ref: b1e11235dc6cd7d8d4680e005526de37201305ea
  specs:
    cf-uaa-lib (3.1.0)
      multi_json

GIT
  remote: https://github.com/cloudfoundry/vcap-concurrency.git
  revision: 2a5b0179642cb3d3e7f912a6453ec5731979d115
  ref: 2a5b0179
  specs:
    vcap-concurrency (0.1.0)

GIT
  remote: https://github.com/zipmark/rspec_api_documentation.git
  revision: a282560fdc7253b50f0d20238bf8295e1f88d1d9
  specs:
    rspec_api_documentation (4.3.0)
      activesupport (>= 3.0.0)
      json (~> 1.4, >= 1.4.6)
      mustache (~> 0.99, >= 0.99.4)
      rspec (>= 3.0.0)

GEM
  remote: http://rubygems.org/
  specs:
    activesupport (3.2.19)
      i18n (~> 0.6, >= 0.6.4)
      multi_json (~> 1.0)
    addressable (2.3.6)
    allowy (1.0.0)
      activesupport (>= 3.2)
      i18n
    ast (2.0.0)
    awesome_print (1.1.0)
    backports (3.6.3)
    bcrypt (3.1.7)
    bcrypt-ruby (3.1.5)
      bcrypt (>= 3.1.3)
    beefcake (1.0.0)
    builder (3.2.2)
    clockwork (1.0.0)
      activesupport
      tzinfo
    cloudfront-signer (2.1.1)
    codeclimate-test-reporter (0.4.1)
      simplecov (>= 0.7.1, < 1.0.0)
    coderay (1.1.0)
    cookiejar (0.3.0)
    crack (0.4.2)
      safe_yaml (~> 1.0.0)
    daemons (1.1.9)
    delayed_job (4.0.4)
      activesupport (>= 3.0, < 4.2)
    diff-lcs (1.2.5)
    docile (1.1.5)
    em-http-request (1.1.2)
      addressable (>= 2.3.4)
      cookiejar
      em-socksify (>= 0.3)
      eventmachine (>= 1.0.3)
      http_parser.rb (>= 0.6.0)
    em-socksify (0.3.0)
      eventmachine (>= 1.0.0.beta.4)
    eventmachine (1.0.3)
    excon (0.40.0)
    fakefs (0.6.0)
    fluent-logger (0.4.9)
      msgpack (>= 0.4.4, < 0.6.0, != 0.5.3, != 0.5.2, != 0.5.1, != 0.5.0)
      yajl-ruby (~> 1.0)
    fog (1.24.0)
      fog-brightbox
      fog-core (~> 1.23)
      fog-json
      fog-radosgw (>= 0.0.2)
      fog-sakuracloud (>= 0.0.4)
      fog-softlayer
      ipaddress (~> 0.5)
      nokogiri (~> 1.5, >= 1.5.11)
    fog-brightbox (0.5.1)
      fog-core (~> 1.22)
      fog-json
      inflecto
    fog-core (1.24.0)
      builder
      excon (~> 0.38)
      formatador (~> 0.2)
      mime-types
      net-scp (~> 1.1)
      net-ssh (>= 2.1.3)
    fog-json (1.0.0)
      multi_json (~> 1.0)
    fog-radosgw (0.0.3)
      fog-core (>= 1.21.0)
      fog-json
      fog-xml (>= 0.0.1)
    fog-sakuracloud (0.1.1)
      fog-core
      fog-json
    fog-softlayer (0.3.20)
      fog-core
      fog-json
    fog-xml (0.1.0)
      fog-core
      nokogiri (~> 1.5, >= 1.5.11)
    formatador (0.2.5)
    http_parser.rb (0.6.0)
    httpclient (2.5.1)
    i18n (0.6.11)
    inflecto (0.0.2)
    ipaddress (0.8.0)
    json (1.8.1)
    json_pure (1.8.1)
    loggregator_emitter (3.0.0)
      beefcake (~> 1.0.0)
    machinist (1.0.6)
    membrane (1.1.0)
    method_source (0.8.2)
    mime-types (2.4.3)
    mini_portile (0.6.0)
    msgpack (0.5.9)
    multi_json (1.10.1)
    multipart-post (2.0.0)
    mustache (0.99.6)
    mysql2 (0.3.13)
    nats (0.5.0.beta.14)
      daemons (>= 1.1.9)
      eventmachine (>= 1.0.3)
      json_pure (>= 1.8.1)
      thin (>= 1.6.0)
    net-scp (1.2.1)
      net-ssh (>= 2.6.5)
    net-ssh (2.9.1)
    netaddr (1.5.0)
    newrelic_rpm (3.7.3.204)
    nokogiri (1.6.3.1)
      mini_portile (= 0.6.0)
    parallel (1.3.3)
    parallel_tests (1.0.7)
      parallel
    parser (2.1.9)
      ast (>= 1.1, < 3.0)
      slop (~> 3.4, >= 3.4.5)
    pg (0.16.0)
    posix-spawn (0.3.9)
    powerpack (0.0.9)
    pry (0.10.1)
      coderay (~> 1.1.0)
      method_source (~> 0.8.1)
      slop (~> 3.4)
    rack (1.5.2)
    rack-protection (1.5.3)
      rack
    rack-test (0.6.2)
      rack (>= 1.0)
    rainbow (2.0.0)
    rake (10.3.2)
    rfc822 (0.1.5)
    roodi (4.0.0)
      ruby_parser (~> 3.2, >= 3.2.2)
    rspec (3.1.0)
      rspec-core (~> 3.1.0)
      rspec-expectations (~> 3.1.0)
      rspec-mocks (~> 3.1.0)
    rspec-collection_matchers (1.0.0)
      rspec-expectations (>= 2.99.0.beta1)
    rspec-core (3.1.7)
      rspec-support (~> 3.1.0)
    rspec-expectations (3.1.2)
      diff-lcs (>= 1.2.0, < 2.0)
      rspec-support (~> 3.1.0)
    rspec-instafail (0.2.5)
      rspec
    rspec-its (1.0.1)
      rspec-core (>= 2.99.0.beta1)
      rspec-expectations (>= 2.99.0.beta1)
    rspec-mocks (3.1.3)
      rspec-support (~> 3.1.0)
    rspec-support (3.1.2)
    rubocop (0.18.1)
      json (>= 1.7.7, < 2)
      parser (~> 2.1.3)
      powerpack (~> 0.0.6)
      rainbow (>= 1.99.1, < 3.0)
    ruby_parser (3.6.3)
      sexp_processor (~> 4.1)
    safe_yaml (1.0.4)
    sequel (4.15.0)
    sexp_processor (4.4.4)
    simplecov (0.9.1)
      docile (~> 1.1.0)
      multi_json (~> 1.0)
      simplecov-html (~> 0.8.0)
    simplecov-html (0.8.0)
    sinatra (1.4.5)
      rack (~> 1.4)
      rack-protection (~> 1.4)
      tilt (~> 1.3, >= 1.3.4)
    sinatra-contrib (1.4.2)
      backports (>= 2.0)
      multi_json
      rack-protection
      rack-test
      sinatra (~> 1.4.0)
      tilt (~> 1.3)
    slop (3.6.0)
    squash_ruby (1.4.0)
      json
    steno (1.2.4)
      fluent-logger
      yajl-ruby (~> 1.0)
    talentbox-delayed_job_sequel (4.0.1)
      delayed_job (~> 4.0.0)
      sequel (>= 3.38, < 5.0)
      tzinfo
    thin (1.6.3)
      daemons (~> 1.0, >= 1.0.9)
      eventmachine (~> 1.0)
      rack (~> 1.0)
    thread_safe (0.3.4)
    tilt (1.4.1)
    timecop (0.7.1)
    tzinfo (1.2.2)
      thread_safe (~> 0.1)
    unf (0.1.4)
      unf_ext
    unf_ext (0.0.6)
    uuidtools (2.1.5)
    vcap_common (4.0.2)
      addressable (~> 2.2)
      cookiejar (<= 0.3.0)
      em-http-request (~> 1.0)
      eventmachine
      httpclient
      membrane (~> 1.0)
      mime-types
      multipart-post
      nats (>= 0.5.0.beta.12, < 0.6)
      posix-spawn (~> 0.3.6)
      squash_ruby
      steno
      thin
      uuidtools
      vmstat (~> 2.0)
      yajl-ruby
    vmstat (2.1.0)
    webmock (1.19.0)
      addressable (>= 2.3.6)
      crack (>= 0.3.2)
    yajl-ruby (1.2.1)

PLATFORMS
  ruby

DEPENDENCIES
  activesupport (~> 3.0)
  addressable
  allowy
  awesome_print
  bcrypt-ruby
  cf-message-bus!
  cf-registrar (~> 1.0.1)!
  cf-uaa-lib (~> 3.1.0)!
  clockwork
  cloudfront-signer
  codeclimate-test-reporter
  eventmachine (~> 1.0.0)
  fakefs
  fog
  httpclient
  i18n
  loggregator_emitter (~> 3.0)
  machinist (~> 1.0.6)
  membrane (~> 1.0)
  multi_json
  mysql2 (= 0.3.13)
  netaddr
  newrelic_rpm
  nokogiri (~> 1.6.2)
  parallel_tests
  pg
  pry
  rack-test
  rake
  rfc822
  roodi
  rspec (~> 3.0)
  rspec-collection_matchers
  rspec-instafail
  rspec-its
  rspec_api_documentation!
  rubocop (= 0.18.1)
  sequel
  sinatra (~> 1.4)
  sinatra-contrib
  steno
  talentbox-delayed_job_sequel
  thin (~> 1.6.0)
  timecop
  unf
  vcap-concurrency!
  vcap_common (~> 4.0)
  webmock
  yajl-ruby
